PATH
  remote: .
  specs:
    saikouda (0.1.0)
      thor

GEM
  remote: https://rubygems.org/
  specs:
    rake (10.5.0)
    thor (0.20.3)

PLATFORMS
  ruby

DEPENDENCIES
  bundler (~> 2.0)
  rake (~> 10.0)
  saikouda!

BUNDLED WITH
   2.0.2
